GIT
  remote: git://github.com/thebestday/delayed-web.git
  revision: d273088a81542ff1d37a2c3492ffacac77297ee6
  specs:
    delayed-web (0.3.0)
      rails (>= 3.2.13, < 4.3.0)

GEM
  remote: https://rubygems.org/
  specs:
    actionmailer (4.2.5)
      actionpack (= 4.2.5)
      actionview (= 4.2.5)
      activejob (= 4.2.5)
      mail (~> 2.5, >= 2.5.4)
      rails-dom-testing (~> 1.0, >= 1.0.5)
    actionpack (4.2.5)
      actionview (= 4.2.5)
      activesupport (= 4.2.5)
      rack (~> 1.6)
      rack-test (~> 0.6.2)
      rails-dom-testing (~> 1.0, >= 1.0.5)
      rails-html-sanitizer (~> 1.0, >= 1.0.2)
    actionview (4.2.5)
      activesupport (= 4.2.5)
      builder (~> 3.1)
      erubis (~> 2.7.0)
      rails-dom-testing (~> 1.0, >= 1.0.5)
      rails-html-sanitizer (~> 1.0, >= 1.0.2)
    activejob (4.2.5)
      activesupport (= 4.2.5)
      globalid (>= 0.3.0)
    activemodel (4.2.5)
      activesupport (= 4.2.5)
      builder (~> 3.1)
    activerecord (4.2.5)
      activemodel (= 4.2.5)
      activesupport (= 4.2.5)
      arel (~> 6.0)
    activesupport (4.2.5)
      i18n (~> 0.7)
      json (~> 1.7, >= 1.7.7)
      minitest (~> 5.1)
      thread_safe (~> 0.3, >= 0.3.4)
      tzinfo (~> 1.1)
    addressable (2.4.0)
    arel (6.0.3)
    bcrypt (3.1.10)
    binding_of_caller (0.7.2)
      debug_inspector (>= 0.0.1)
    bootstrap-sass (3.0.2.1)
      sass (~> 3.2)
    builder (3.2.2)
    cancancan (1.13.1)
    capistrano (3.4.0)
      i18n
      rake (>= 10.0.0)
      sshkit (~> 1.3)
    capistrano-bundler (1.1.4)
      capistrano (~> 3.1)
      sshkit (~> 1.2)
    capistrano-rails (1.1.5)
      capistrano (~> 3.1)
      capistrano-bundler (~> 1.1)
    capistrano3-puma (1.2.1)
      capistrano (~> 3.0)
      puma (>= 2.6)
    carrierwave (0.10.0)
      activemodel (>= 3.2.0)
      activesupport (>= 3.2.0)
      json (>= 1.7)
      mime-types (>= 1.16)
    chronic (0.10.2)
    coffee-rails (4.0.1)
      coffee-script (>= 2.2.0)
      railties (>= 4.0.0, < 5.0)
    coffee-script (2.4.1)
      coffee-script-source
      execjs
    coffee-script-source (1.10.0)
    daemons (1.2.3)
    database_cleaner (1.5.1)
    debug_inspector (0.0.2)
    delayed_job (4.1.1)
      activesupport (>= 3.0, < 5.0)
    delayed_job_active_record (4.1.0)
      activerecord (>= 3.0, < 5)
      delayed_job (>= 3.0, < 5)
    devise (3.5.3)
      bcrypt (~> 3.0)
      orm_adapter (~> 0.1)
      railties (>= 3.2.6, < 5)
      responders
      thread_safe (~> 0.1)
      warden (~> 1.2.3)
    diff-lcs (1.2.5)
    erubis (2.7.0)
    exception_notification (4.1.3)
      actionmailer (~> 4.0)
      activesupport (~> 4.0)
    execjs (2.6.0)
    faraday (0.9.2)
      multipart-post (>= 1.2, < 3)
    ffaker (2.1.0)
    font-awesome-rails (4.5.0.0)
      railties (>= 3.2, < 5.0)
    gemoji (2.1.0)
    globalid (0.3.6)
      activesupport (>= 4.1.0)
    haml (4.0.7)
      tilt
    haml-rails (0.9.0)
      actionpack (>= 4.0.1)
      activesupport (>= 4.0.1)
      haml (>= 4.0.6, < 5.0)
      html2haml (>= 1.0.1)
      railties (>= 4.0.1)
    hashie (3.4.3)
    hike (1.2.3)
    hirb (0.7.3)
    hirb-unicode (0.0.5)
      hirb (~> 0.5)
      unicode-display_width (~> 0.1.1)
    hiredis (0.6.1)
    html2haml (2.0.0)
      erubis (~> 2.7.0)
      haml (~> 4.0.0)
      nokogiri (~> 1.6.0)
      ruby_parser (~> 3.5)
    i18n (0.7.0)
    jbuilder (1.5.3)
      activesupport (>= 3.0.0)
      multi_json (>= 1.2.0)
    jquery-rails (4.0.5)
      rails-dom-testing (~> 1.0)
      railties (>= 4.2.0)
      thor (>= 0.14, < 2.0)
    json (1.8.3)
    jwt (1.5.2)
    kaminari (0.16.3)
      actionpack (>= 3.0.0)
      activesupport (>= 3.0.0)
    launchy (2.4.3)
      addressable (~> 2.3)
    letter_opener (1.4.1)
      launchy (~> 2.2)
    letter_opener_web (1.3.0)
      actionmailer (>= 3.2)
      letter_opener (~> 1.0)
      railties (>= 3.2)
    libv8 (3.16.14.13)
    loofah (2.0.3)
      nokogiri (>= 1.5.9)
    mail (2.6.3)
      mime-types (>= 1.16, < 3)
    mime-types (2.99)
    mini_magick (4.3.6)
    mini_portile2 (2.0.0)
    minitest (5.8.3)
    multi_json (1.11.2)
    multi_xml (0.5.5)
    multipart-post (2.0.0)
    net-scp (1.2.1)
      net-ssh (>= 2.6.5)
    net-ssh (3.0.2)
    newrelic_rpm (3.14.1.311)
    nokogiri (1.6.7.1)
      mini_portile2 (~> 2.0.0.rc2)
    oauth2 (1.0.0)
      faraday (>= 0.8, < 0.10)
      jwt (~> 1.0)
      multi_json (~> 1.3)
      multi_xml (~> 0.5)
      rack (~> 1.2)
    omniauth (1.3.1)
      hashie (>= 1.2, < 4)
      rack (>= 1.0, < 3)
    omniauth-facebook (3.0.0)
      omniauth-oauth2 (~> 1.2)
    omniauth-github (1.1.2)
      omniauth (~> 1.0)
      omniauth-oauth2 (~> 1.1)
    omniauth-oauth2 (1.4.0)
      oauth2 (~> 1.0)
      omniauth (~> 1.2)
    omniauth-vkontakte (1.3.6)
      multi_json
      omniauth (~> 1.0)
      omniauth-oauth2 (~> 1.1)
    orm_adapter (0.5.0)
    paranoia (2.1.4)
      activerecord (~> 4.0)
    pg (0.18.4)
    puma (2.15.3)
    rack (1.6.4)
    rack-test (0.6.3)
      rack (>= 1.0)
    rails (4.2.5)
      actionmailer (= 4.2.5)
      actionpack (= 4.2.5)
      actionview (= 4.2.5)
      activejob (= 4.2.5)
      activemodel (= 4.2.5)
      activerecord (= 4.2.5)
      activesupport (= 4.2.5)
      bundler (>= 1.3.0, < 2.0)
      railties (= 4.2.5)
      sprockets-rails
    rails-deprecated_sanitizer (1.0.3)
      activesupport (>= 4.2.0.alpha)
    rails-dom-testing (1.0.7)
      activesupport (>= 4.2.0.beta, < 5.0)
      nokogiri (~> 1.6.0)
      rails-deprecated_sanitizer (>= 1.0.1)
    rails-html-sanitizer (1.0.2)
      loofah (~> 2.0)
    railties (4.2.5)
      actionpack (= 4.2.5)
      activesupport (= 4.2.5)
      rake (>= 0.8.7)
      thor (>= 0.18.1, < 2.0)
    rake (10.4.2)
    rdoc (4.2.1)
      json (~> 1.4)
    redcarpet (3.3.4)
    redis (3.2.2)
    redis-namespace (1.5.2)
      redis (~> 3.0, >= 3.0.4)
    ref (2.0.0)
    responders (2.1.1)
      railties (>= 4.2.0, < 5.1)
    rouge (1.10.1)
    rspec-core (3.4.1)
      rspec-support (~> 3.4.0)
    rspec-expectations (3.4.0)
      diff-lcs (>= 1.2.0, < 2.0)
      rspec-support (~> 3.4.0)
    rspec-mocks (3.4.0)
      diff-lcs (>= 1.2.0, < 2.0)
      rspec-support (~> 3.4.0)
    rspec-rails (3.4.0)
      actionpack (>= 3.0, < 4.3)
      activesupport (>= 3.0, < 4.3)
      railties (>= 3.0, < 4.3)
      rspec-core (~> 3.4.0)
      rspec-expectations (~> 3.4.0)
      rspec-mocks (~> 3.4.0)
      rspec-support (~> 3.4.0)
    rspec-support (3.4.1)
    ruby_parser (3.7.2)
      sexp_processor (~> 4.1)
    sass (3.2.19)
    sass-rails (4.0.5)
      railties (>= 4.0.0, < 5.0)
      sass (~> 3.2.2)
      sprockets (~> 2.8, < 3.0)
      sprockets-rails (~> 2.0)
    sdoc (0.4.1)
      json (~> 1.7, >= 1.7.7)
      rdoc (~> 4.0)
    sexp_processor (4.6.0)
    sitemap_generator (5.1.0)
      builder
    spring (1.6.1)
    sprockets (2.12.4)
      hike (~> 1.2)
      multi_json (~> 1.0)
      rack (~> 1.0)
      tilt (~> 1.1, != 1.3.0)
    sprockets-rails (2.3.3)
      actionpack (>= 3.0)
      activesupport (>= 3.0)
      sprockets (>= 2.8, < 4.0)
    sshkit (1.8.1)
      net-scp (>= 1.1.2)
      net-ssh (>= 2.8.0)
    therubyracer (0.12.2)
      libv8 (~> 3.16.14.0)
      ref
    thor (0.19.1)
    thread_safe (0.3.5)
    tilt (1.4.1)
    tzinfo (1.2.2)
      thread_safe (~> 0.1)
    uglifier (2.7.2)
      execjs (>= 0.3.0)
      json (>= 1.8.0)
    unicode-display_width (0.1.1)
    warden (1.2.4)
      rack (>= 1.0)
    web-console (2.2.1)
      activemodel (>= 4.0)
      binding_of_caller (>= 0.7.2)
      railties (>= 4.0)
      sprockets-rails (>= 2.0, < 4.0)
    whenever (0.9.4)
      chronic (>= 0.6.3)

PLATFORMS
  ruby

DEPENDENCIES
  bootstrap-sass (~> 3.0.2.0)
  cancancan
  capistrano (~> 3.0)
  capistrano-bundler (~> 1.1)
  capistrano-rails (~> 1.1)
  capistrano3-puma
  carrierwave
  coffee-rails (~> 4.0.0)
  daemons
  database_cleaner
  delayed-web!
  delayed_job_active_record
  devise
  exception_notification
  ffaker
  font-awesome-rails
  gemoji
  haml-rails
  hirb-unicode
  hiredis
  jbuilder (~> 1.2)
  jquery-rails
  kaminari
  letter_opener_web
  mini_magick
  newrelic_rpm
  omniauth-facebook
  omniauth-github
  omniauth-vkontakte
  paranoia (~> 2.0)
  pg
  puma
  rails (~> 4.2.0)
  redcarpet
  redis
  redis-namespace
  rouge
  rspec-rails (~> 3.0)
  sass-rails (~> 4.0.0)
  sdoc
  sitemap_generator
  spring
  therubyracer
  uglifier (>= 1.3.0)
  web-console (~> 2.0)
  whenever

BUNDLED WITH
   1.13.5
