GEM
  remote: https://rubygems.org/
  specs:
    actionmailer (4.1.0.beta1)
      actionpack (= 4.1.0.beta1)
      actionview (= 4.1.0.beta1)
      mail (~> 2.5.4)
    actionpack (4.1.0.beta1)
      actionview (= 4.1.0.beta1)
      activesupport (= 4.1.0.beta1)
      rack (~> 1.5.2)
      rack-test (~> 0.6.2)
    actionview (4.1.0.beta1)
      activesupport (= 4.1.0.beta1)
      builder (~> 3.1)
      erubis (~> 2.7.0)
    activemodel (4.1.0.beta1)
      activesupport (= 4.1.0.beta1)
      builder (~> 3.1)
    activerecord (4.1.0.beta1)
      activemodel (= 4.1.0.beta1)
      activesupport (= 4.1.0.beta1)
      arel (~> 5.0.0)
    activesupport (4.1.0.beta1)
      i18n (~> 0.6, >= 0.6.9)
      json (~> 1.7, >= 1.7.7)
      minitest (~> 5.1)
      thread_safe (~> 0.1)
      tzinfo (~> 1.1)
    acts-as-taggable-on (3.0.1)
      rails (>= 3, < 5)
    addressable (2.3.5)
    arel (5.0.0)
    atomic (1.1.14)
    authority (2.9.0)
      activesupport (>= 3.0.0)
      rake (>= 0.8.7)
    bcrypt-ruby (3.1.2)
    bootstrap-sass (3.0.2.1)
      sass (~> 3.2)
    builder (3.2.2)
    capistrano (3.1.0)
      i18n
      rake (>= 10.0.0)
      sshkit (~> 1.3)
    capistrano-bundler (1.1.1)
      capistrano (~> 3.0)
      sshkit (>= 1.2.0)
    capistrano-rails (1.1.1)
      capistrano (~> 3.1)
      capistrano-bundler (~> 1.1)
    capistrano3-puma (0.1.3)
      capistrano (~> 3.0)
    carrierwave (0.9.0)
      activemodel (>= 3.2.0)
      activesupport (>= 3.2.0)
      json (>= 1.7)
    coffee-rails (4.0.1)
      coffee-script (>= 2.2.0)
      railties (>= 4.0.0, < 5.0)
    coffee-script (2.2.0)
      coffee-script-source
      execjs
    coffee-script-source (1.6.3)
    devise (3.2.2)
      bcrypt-ruby (~> 3.0)
      orm_adapter (~> 0.1)
      railties (>= 3.2.6, < 5)
      thread_safe (~> 0.1)
      warden (~> 1.2.3)
    erubis (2.7.0)
    execjs (2.0.2)
    font-awesome-rails (4.0.3.1)
      railties (>= 3.2, < 5.0)
    haml (4.0.5)
      tilt
    haml-rails (0.5.3)
      actionpack (>= 4.0.1)
      activesupport (>= 4.0.1)
      haml (>= 3.1, < 5.0)
      railties (>= 4.0.1)
    hike (1.2.3)
    hirb (0.7.1)
    hirb-unicode (0.0.5)
      hirb (~> 0.5)
      unicode-display_width (~> 0.1.1)
    i18n (0.6.9)
    jbuilder (1.5.3)
      activesupport (>= 3.0.0)
      multi_json (>= 1.2.0)
    jquery-rails (3.0.4)
      railties (>= 3.0, < 5.0)
      thor (>= 0.14, < 2.0)
    json (1.8.1)
    kaminari (0.15.1)
      actionpack (>= 3.0.0)
      activesupport (>= 3.0.0)
    launchy (2.4.2)
      addressable (~> 2.3)
    letter_opener (1.2.0)
      launchy (~> 2.2)
    letter_opener_web (1.1.2)
      letter_opener (~> 1.0)
      rails (>= 3.2)
    libv8 (3.16.14.3)
    mail (2.5.4)
      mime-types (~> 1.16)
      treetop (~> 1.4.8)
    mime-types (1.25.1)
    mini_magick (3.7.0)
      subexec (~> 0.2.1)
    minitest (5.2.1)
    multi_json (1.8.4)
    net-scp (1.1.2)
      net-ssh (>= 2.6.5)
    net-ssh (2.7.0)
    orm_adapter (0.5.0)
    pg (0.17.1)
    polyglot (0.3.3)
    puma (2.7.1)
      rack (>= 1.1, < 2.0)
    rack (1.5.2)
    rack-test (0.6.2)
      rack (>= 1.0)
    rails (4.1.0.beta1)
      actionmailer (= 4.1.0.beta1)
      actionpack (= 4.1.0.beta1)
      actionview (= 4.1.0.beta1)
      activemodel (= 4.1.0.beta1)
      activerecord (= 4.1.0.beta1)
      activesupport (= 4.1.0.beta1)
      bundler (>= 1.3.0, < 2.0)
      railties (= 4.1.0.beta1)
      sprockets-rails (~> 2.0.0)
    railties (4.1.0.beta1)
      actionpack (= 4.1.0.beta1)
      activesupport (= 4.1.0.beta1)
      rake (>= 0.8.7)
      thor (>= 0.18.1, < 2.0)
    rake (10.1.1)
    rdoc (4.1.1)
      json (~> 1.4)
    redcarpet (3.0.0)
    ref (1.0.5)
    rouge (1.3.2)
    sass (3.2.13)
    sass-rails (4.0.1)
      railties (>= 4.0.0, < 5.0)
      sass (>= 3.1.10)
      sprockets-rails (~> 2.0.0)
    sdoc (0.4.0)
      json (~> 1.8)
      rdoc (~> 4.0, < 5.0)
    spring (1.1.0)
    sprockets (2.10.1)
      hike (~> 1.2)
      multi_json (~> 1.0)
      rack (~> 1.0)
      tilt (~> 1.1, != 1.3.0)
    sprockets-rails (2.0.1)
      actionpack (>= 3.0)
      activesupport (>= 3.0)
      sprockets (~> 2.8)
    sshkit (1.3.0)
      net-scp (>= 1.1.2)
      net-ssh
      term-ansicolor
    subexec (0.2.3)
    term-ansicolor (1.2.2)
      tins (~> 0.8)
    therubyracer (0.12.0)
      libv8 (~> 3.16.14.0)
      ref
    thor (0.18.1)
    thread_safe (0.1.3)
      atomic
    tilt (1.4.1)
    tins (0.13.1)
    treetop (1.4.15)
      polyglot
      polyglot (>= 0.3.1)
    tzinfo (1.1.0)
      thread_safe (~> 0.1)
    uglifier (2.4.0)
      execjs (>= 0.3.0)
      json (>= 1.8.0)
    unicode-display_width (0.1.1)
    warden (1.2.3)
      rack (>= 1.0)

PLATFORMS
  ruby

DEPENDENCIES
  acts-as-taggable-on
  authority
  bootstrap-sass (~> 3.0.2.0)
  capistrano (~> 3.0)
  capistrano-bundler (~> 1.1)
  capistrano-rails (~> 1.1)
  capistrano3-puma
  carrierwave
  coffee-rails (~> 4.0.0)
  devise
  font-awesome-rails
  haml-rails
  hirb-unicode
  jbuilder (~> 1.2)
  jquery-rails
  kaminari
  letter_opener_web
  mini_magick
  pg
  puma
  rails (~> 4.1.beta)
  redcarpet
  rouge
  sass-rails (~> 4.0.0)
  sdoc
  spring
  therubyracer
  uglifier (>= 1.3.0)
